PATH
  remote: .
  specs:
    Byka2 (0.0.1)

GEM
  remote: https://rubygems.org/
  specs:
    diff-lcs (1.2.5)
    rake (10.3.2)
    rr (1.1.2)
    rspec-core (2.99.1)
    rspec-expectations (2.99.1)
      diff-lcs (>= 1.1.3, < 2.0)
    yard (0.7.5)

PLATFORMS
  x86-mingw32

DEPENDENCIES
  Byka2!
  bundler (~> 1.6)
  rake
  rr (~> 1.0)
  rspec-core (~> 2.0)
  rspec-expectations (~> 2.0)
  yard (~> 0.7.5)
